GEM
  remote: http://rubygems.org/
  specs:
    activemodel (5.1.2)
      activesupport (= 5.1.2)
    activesupport (5.1.2)
      concurrent-ruby (~> 1.0, >= 1.0.2)
      i18n (~> 0.7)
      minitest (~> 5.1)
      tzinfo (~> 1.1)
    armor (0.0.3)
    benchmark-ips (2.7.2)
    bson (4.2.2)
    byebug (9.0.6)
    coderay (1.1.1)
    concurrent-ruby (1.0.5)
    cuba (3.8.1)
      rack (>= 1.6.0)
    faker (1.8.4)
      i18n (~> 0.5)
    ffi (1.9.18)
    i18n (0.8.6)
    listen (3.1.5)
      rb-fsevent (~> 0.9, >= 0.9.4)
      rb-inotify (~> 0.9, >= 0.9.7)
      ruby_dep (~> 1.2)
    metaclass (0.0.4)
    method_source (0.8.2)
    mina (1.0.6)
      open4 (~> 1.3.4)
      rake
    mina-multistage (1.0.3)
      mina (~> 1.0)
    minitest (5.10.2)
    mocha (1.2.1)
      metaclass (~> 0.0.1)
    mongo (2.4.2)
      bson (>= 4.2.1, < 5.0.0)
    mongoid (6.2.0)
      activemodel (~> 5.1)
      mongo (>= 2.4.1, < 3.0.0)
    open4 (1.3.4)
    pry (0.10.4)
      coderay (~> 1.1.0)
      method_source (~> 0.8.1)
      slop (~> 3.4)
    pry-byebug (3.4.2)
      byebug (~> 9.0)
      pry (~> 0.10)
    puma (3.9.1)
    rack (2.0.3)
    rack-parser (0.7.0)
      rack
    rack-test (0.7.0)
      rack (>= 1.0, < 3)
    rake (12.0.0)
    rb-fsevent (0.10.2)
    rb-inotify (0.9.10)
      ffi (>= 0.5.0, < 2)
    rerun (0.11.0)
      listen (~> 3.0)
    ruby_dep (1.5.0)
    scrivener (1.0.0)
    shield (2.1.1)
      armor
    slop (3.6.0)
    spawn (0.1.4)
    thread_safe (0.3.6)
    tilt (2.0.7)
    tzinfo (1.2.3)
      thread_safe (~> 0.1)

PLATFORMS
  ruby

DEPENDENCIES
  benchmark-ips
  cuba
  faker
  mina
  mina-multistage
  mocha
  mongoid
  pry
  pry-byebug
  puma
  rack-parser
  rack-test
  rerun
  scrivener
  shield
  spawn
  tilt

BUNDLED WITH
   1.15.1
